STORAGE: NONE
NUGET
  remote: https://api.nuget.org/v3/index.json
    Fable.Browser.Blob (1.1) - restriction: >= netstandard2.0
      Fable.Core (>= 3.0) - restriction: >= netstandard2.0
      FSharp.Core (>= 4.6.2) - restriction: >= netstandard2.0
    Fable.Browser.Dom (2.1) - restriction: >= netstandard2.0
      Fable.Browser.Blob (>= 1.1) - restriction: >= netstandard2.0
      Fable.Browser.Event (>= 1.2.1) - restriction: >= netstandard2.0
      Fable.Browser.WebStorage (>= 1.0) - restriction: >= netstandard2.0
      Fable.Core (>= 3.0) - restriction: >= netstandard2.0
      FSharp.Core (>= 4.7.2) - restriction: >= netstandard2.0
    Fable.Browser.Event (1.2.1) - restriction: >= netstandard2.0
      Fable.Core (>= 3.0) - restriction: >= netstandard2.0
      FSharp.Core (>= 4.7) - restriction: >= netstandard2.0
    Fable.Browser.WebStorage (1.0) - restriction: >= netstandard2.0
      Fable.Browser.Event (>= 1.0) - restriction: >= netstandard2.0
      Fable.Core (>= 3.0) - restriction: >= netstandard2.0
      FSharp.Core (>= 4.5.2) - restriction: >= netstandard2.0
    Fable.Browser.XMLHttpRequest (1.1.2) - restriction: >= netstandard2.0
      Fable.Browser.Blob (>= 1.1) - restriction: >= netstandard2.0
      Fable.Browser.Event (>= 1.2.1) - restriction: >= netstandard2.0
      Fable.Core (>= 3.0) - restriction: >= netstandard2.0
      FSharp.Core (>= 4.7) - restriction: >= netstandard2.0
    Fable.Core (3.1.6)
      FSharp.Core (>= 4.7.1) - restriction: >= netstandard2.0
    Fable.Elmish (3.1)
      Fable.Core (>= 3.0) - restriction: >= netstandard2.0
      FSharp.Core (>= 4.6.2) - restriction: >= netstandard2.0
    Fable.Elmish.Browser (3.0.4) - restriction: >= netstandard2.0
      Fable.Browser.Dom (>= 1.0) - restriction: >= netstandard2.0
      Fable.Core (>= 3.0) - restriction: >= netstandard2.0
      Fable.Elmish (>= 3.0) - restriction: >= netstandard2.0
      FSharp.Core (>= 4.6.2) - restriction: >= netstandard2.0
    Fable.Elmish.Debugger (3.2)
      Fable.Core (>= 3.1.5) - restriction: >= netstandard2.0
      Fable.Elmish (>= 3.0) - restriction: >= netstandard2.0
      FSharp.Core (>= 4.7) - restriction: >= netstandard2.0
      Thoth.Json (>= 4.0) - restriction: >= netstandard2.0
    Fable.Elmish.HMR (4.0.1)
      Fable.Core (>= 3.0) - restriction: >= netstandard2.0
      Fable.Elmish.Browser (>= 3.0) - restriction: >= netstandard2.0
      Fable.Elmish.React (>= 3.0.1) - restriction: >= netstandard2.0
      FSharp.Core (>= 4.6.2) - restriction: >= netstandard2.0
    Fable.Elmish.React (3.0.1)
      Fable.Core (>= 3.0) - restriction: >= netstandard2.0
      Fable.Elmish (>= 3.0) - restriction: >= netstandard2.0
      Fable.React (>= 5.1) - restriction: >= netstandard2.0
      FSharp.Core (>= 4.6.2) - restriction: >= netstandard2.0
    Fable.Promise (2.1) - restriction: >= netstandard2.0
      Fable.Core (>= 3.1.5) - restriction: >= netstandard2.0
      FSharp.Core (>= 4.7) - restriction: >= netstandard2.0
    Fable.React (7.0.1) - restriction: >= netstandard2.0
      Fable.Browser.Dom (>= 2.0.1) - restriction: >= netstandard2.0
      Fable.Core (>= 3.1.5) - restriction: >= netstandard2.0
      FSharp.Core (>= 4.7.1) - restriction: >= netstandard2.0
    Fable.SimpleHttp (3.0)
      Fable.Browser.Dom (>= 1.0) - restriction: >= netstandard2.0
      Fable.Browser.XMLHttpRequest (>= 1.1) - restriction: >= netstandard2.0
      Fable.Core (>= 3.0) - restriction: >= netstandard2.0
      FSharp.Core (>= 4.6.2) - restriction: >= netstandard2.0
    Feliz (1.14)
      Fable.Core (>= 3.1.5) - restriction: >= netstandard2.0
      Fable.React (>= 7.0.1) - restriction: >= netstandard2.0
      FSharp.Core (>= 4.7.2) - restriction: >= netstandard2.0
    Feliz.Bulma (2.3)
      Feliz (>= 0.68.2) - restriction: >= netstandard2.0
      FSharp.Core (>= 4.7) - restriction: >= netstandard2.0
    Feliz.ElmishComponents (1.2)
      Feliz.UseElmish (>= 1.2.1) - restriction: >= netstandard2.0
      FSharp.Core (>= 4.7) - restriction: >= netstandard2.0
    Feliz.Markdown (1.2)
      Feliz (>= 1.13) - restriction: >= netstandard2.0
      FSharp.Core (>= 4.7) - restriction: >= netstandard2.0
    Feliz.Router (3.2)
      Fable.Core (>= 3.1.5) - restriction: >= netstandard2.0
      Fable.Elmish (>= 3.1) - restriction: >= netstandard2.0
      Feliz (>= 1.13.1) - restriction: >= netstandard2.0
      Feliz.UseListener (>= 0.6.1) - restriction: >= netstandard2.0
      FSharp.Core (>= 4.7.2) - restriction: >= netstandard2.0
    Feliz.UseElmish (1.4.1) - restriction: >= netstandard2.0
      Fable.Elmish (>= 3.0.6) - restriction: >= netstandard2.0
      Fable.Promise (>= 2.0) - restriction: >= netstandard2.0
      Feliz (>= 1.13.1) - restriction: >= netstandard2.0
      FSharp.Core (>= 4.7) - restriction: >= netstandard2.0
    Feliz.UseListener (0.6.2) - restriction: >= netstandard2.0
      Fable.Core (>= 3.1.5 < 4.0)
      Feliz (>= 1.13.2 < 2.0)
      FSharp.Core (>= 4.7.2 < 5.0)
    FSharp.Core (4.7.2) - restriction: >= netstandard2.0
    Thoth.Json (5.0) - restriction: >= netstandard2.0
      Fable.Core (>= 3.1.4) - restriction: >= netstandard2.0
      FSharp.Core (>= 4.7) - restriction: >= netstandard2.0
